GEM
  remote: https://rubygems.org/
  specs:
    ast (2.4.0)
    aws-partitions (1.73.0)
    aws-sdk-autoscaling (1.5.0)
      aws-sdk-core (~> 3)
      aws-sigv4 (~> 1.0)
    aws-sdk-core (3.17.1)
      aws-partitions (~> 1.0)
      aws-sigv4 (~> 1.0)
      jmespath (~> 1.0)
    aws-sdk-ec2 (1.29.0)
      aws-sdk-core (~> 3)
      aws-sigv4 (~> 1.0)
    aws-sdk-elasticloadbalancing (1.2.0)
      aws-sdk-core (~> 3)
      aws-sigv4 (~> 1.0)
    aws-sigv4 (1.0.2)
    concurrent-ruby (1.0.5)
    diff-lcs (1.3)
    hamster (3.0.0)
      concurrent-ruby (~> 1.0)
    jmespath (1.3.1)
    lino (1.1.0)
      hamster (~> 3.0)
      open4 (~> 1.3)
    open4 (1.3.4)
    parallel (1.12.1)
    parser (2.5.0.5)
      ast (~> 2.4.0)
    powerpack (0.1.1)
    rainbow (3.0.0)
    rake (12.3.1)
    rspec (3.7.0)
      rspec-core (~> 3.7.0)
      rspec-expectations (~> 3.7.0)
      rspec-mocks (~> 3.7.0)
    rspec-core (3.7.1)
      rspec-support (~> 3.7.0)
    rspec-expectations (3.7.0)
      diff-lcs (>= 1.2.0, < 2.0)
      rspec-support (~> 3.7.0)
    rspec-mocks (3.7.0)
      diff-lcs (>= 1.2.0, < 2.0)
      rspec-support (~> 3.7.0)
    rspec-support (3.7.1)
    rubocop (0.54.0)
      parallel (~> 1.10)
      parser (>= 2.5)
      powerpack (~> 0.1)
      rainbow (>= 2.2.2, < 4.0)
      ruby-progressbar (~> 1.7)
      unicode-display_width (~> 1.0, >= 1.0.1)
    ruby-progressbar (1.9.0)
    ruby-terraform (0.10.0)
      lino (~> 1.1)
    unicode-display_width (1.3.0)
    vault (0.11.0)
      aws-sigv4

PLATFORMS
  ruby

DEPENDENCIES
  aws-sdk-autoscaling (~> 1)
  aws-sdk-ec2 (~> 1)
  aws-sdk-elasticloadbalancing (~> 1)
  rake
  rspec
  rubocop
  ruby-terraform (~> 0.10.0)
  vault (= 0.11)

BUNDLED WITH
   1.16.1
